GEM
  remote: https://rubygems.org/
  specs:
    columnize (0.3.6)
    curb (0.8.5)
    debugger (1.6.6)
      columnize (>= 0.3.1)
      debugger-linecache (~> 1.2.0)
      debugger-ruby_core_source (~> 1.3.2)
    debugger-linecache (1.2.0)
    debugger-ruby_core_source (1.3.2)
    feedzirra (0.7.1)
      curb (~> 0.8.1)
      loofah (~> 1.2.1)
      sax-machine (~> 0.2.1)
    loofah (1.2.1)
      nokogiri (>= 1.4.4)
    mini_portile (0.5.2)
    nokogiri (1.6.1)
      mini_portile (~> 0.5.0)
    sax-machine (0.2.1)
      nokogiri (~> 1.6.0)

PLATFORMS
  ruby

DEPENDENCIES
  debugger
  feedzirra
